GEM
  remote: https://rubygems.org/
  specs:
    bigdecimal (3.1.6)
    coderay (1.1.3)
    daemons (1.4.1)
    diff-lcs (1.5.0)
    eventmachine (1.2.7)
    pg (1.5.4)
    rack (2.2.8)
    rack-test (2.1.0)
      rack (>= 1.3)
    rackup (1.0.0)
      rack (< 3)
      webrick
    rake (13.1.0)
    rspec (3.12.0)
      rspec-core (~> 3.12.0)
      rspec-expectations (~> 3.12.0)
      rspec-mocks (~> 3.12.0)
    rspec-core (3.12.2)
      rspec-support (~> 3.12.0)
    rspec-expectations (3.12.3)
      diff-lcs (>= 1.2.0, < 2.0)
      rspec-support (~> 3.12.0)
    rspec-mocks (3.12.6)
      diff-lcs (>= 1.2.0, < 2.0)
      rspec-support (~> 3.12.0)
    rspec-support (3.12.1)
    sequel (5.76.0)
      bigdecimal
    sequel_pg (1.17.1)
      pg (>= 0.18.0, != 1.2.0)
      sequel (>= 4.38.0)
    sinatra (1.0)
      rack (>= 1.0)
    thin (1.8.2)
      daemons (~> 1.0, >= 1.0.9)
      eventmachine (~> 1.0, >= 1.0.4)
      rack (>= 1, < 3)
    webrick (1.8.1)

PLATFORMS
  ruby
  x86_64-darwin-20

DEPENDENCIES
  coderay
  pg
  rack
  rack-test
  rackup
  rake
  rspec
  sequel
  sequel_pg (>= 1.8)
  sinatra
  thin (>= 1.6.4)

BUNDLED WITH
   2.5.3
